GEM
  remote: https://rubygems.org/
  specs:
    activesupport (6.0.3.3)
      concurrent-ruby (~> 1.0, >= 1.0.2)
      i18n (>= 0.7, < 2)
      minitest (~> 5.1)
      tzinfo (~> 1.1)
      zeitwerk (~> 2.2, >= 2.2.2)
    atk (3.4.3)
      glib2 (= 3.4.3)
    bcrypt_pbkdf (1.0.1)
    cairo (1.16.6)
      native-package-installer (>= 1.0.3)
      pkg-config (>= 1.2.2)
    cairo-gobject (3.4.3)
      cairo (>= 1.16.2)
      glib2 (= 3.4.3)
    concurrent-ruby (1.1.7)
    ed25519 (1.2.4)
    gdk3 (3.4.3)
      cairo-gobject (= 3.4.3)
      gdk_pixbuf2 (= 3.4.3)
      pango (= 3.4.3)
    gdk_pixbuf2 (3.4.3)
      gio2 (= 3.4.3)
    gio2 (3.4.3)
      gobject-introspection (= 3.4.3)
    glib2 (3.4.3)
      native-package-installer (>= 1.0.3)
      pkg-config (>= 1.3.5)
    gobject-introspection (3.4.3)
      glib2 (= 3.4.3)
    gtk3 (3.4.3)
      atk (= 3.4.3)
      gdk3 (= 3.4.3)
      gdk_pixbuf2 (= 3.4.3)
      gio2 (= 3.4.3)
      pango (= 3.4.3)
    i18n (1.8.5)
      concurrent-ruby (~> 1.0)
    minitest (5.13.0)
    native-package-installer (1.0.9)
    net-scp (3.0.0)
      net-ssh (>= 2.6.5, < 7.0.0)
    net-ssh (6.1.0)
    pango (3.4.3)
      cairo-gobject (= 3.4.3)
      gobject-introspection (= 3.4.3)
    pkg-config (1.4.4)
    thread_safe (0.3.6)
    tzinfo (1.2.7)
      thread_safe (~> 0.1)
    zeitwerk (2.4.0)

PLATFORMS
  ruby

DEPENDENCIES
  activesupport (~> 6.0)
  bcrypt_pbkdf (~> 1.0)
  ed25519 (~> 1.2)
  gtk3 (~> 3.4)
  net-scp (~> 3.0)
  net-ssh (~> 6.1)

BUNDLED WITH
   2.1.4
